GEM
  remote: https://rubygems.org/
  specs:
    faker (1.1.2)
      i18n (~> 0.5)
    httpclient (2.3.3)
    i18n (0.6.4)
    nokogiri (1.5.9)
    soap4r (1.5.8)
      httpclient (>= 2.1.1)

PLATFORMS
  ruby

DEPENDENCIES
  faker
  nokogiri
  soap4r
